PATH
  remote: .
  specs:
    teak_util (0.2.0)
      aws-sdk-s3 (>= 1.102)
      business_flow (>= 0.18.0)
      mime-types (>= 3)
      rubyzip (>= 2.3, < 4.0)

GEM
  remote: https://rubygems.org/
  specs:
    activemodel (8.0.3)
      activesupport (= 8.0.3)
    activesupport (8.0.3)
      base64
      benchmark (>= 0.3)
      bigdecimal
      concurrent-ruby (~> 1.0, >= 1.3.1)
      connection_pool (>= 2.2.5)
      drb
      i18n (>= 1.6, < 2)
      logger (>= 1.4.2)
      minitest (>= 5.1)
      securerandom (>= 0.3)
      tzinfo (~> 2.0, >= 2.0.5)
      uri (>= 0.13.1)
    aws-eventstream (1.4.0)
    aws-partitions (1.1168.0)
    aws-sdk-core (3.233.0)
      aws-eventstream (~> 1, >= 1.3.0)
      aws-partitions (~> 1, >= 1.992.0)
      aws-sigv4 (~> 1.9)
      base64
      bigdecimal
      jmespath (~> 1, >= 1.6.1)
      logger
    aws-sdk-kms (1.113.0)
      aws-sdk-core (~> 3, >= 3.231.0)
      aws-sigv4 (~> 1.5)
    aws-sdk-s3 (1.199.1)
      aws-sdk-core (~> 3, >= 3.231.0)
      aws-sdk-kms (~> 1)
      aws-sigv4 (~> 1.5)
    aws-sigv4 (1.12.1)
      aws-eventstream (~> 1, >= 1.0.2)
    base64 (0.3.0)
    benchmark (0.4.1)
    bigdecimal (3.2.3)
    business_flow (0.20.0)
      activemodel (>= 4.2, < 8.1)
      activesupport (>= 4.2, < 8.1)
    concurrent-ruby (1.3.5)
    connection_pool (2.5.4)
    diff-lcs (1.6.2)
    docile (1.4.1)
    drb (2.2.3)
    i18n (1.14.7)
      concurrent-ruby (~> 1.0)
    jmespath (1.6.2)
    logger (1.7.0)
    mime-types (3.7.0)
      logger
      mime-types-data (~> 3.2025, >= 3.2025.0507)
    mime-types-data (3.2025.0924)
    mini_portile2 (2.8.9)
    minitest (5.25.5)
    nokogiri (1.18.10)
      mini_portile2 (~> 2.8.2)
      racc (~> 1.4)
    racc (1.8.1)
    rake (13.3.0)
    rspec (3.13.1)
      rspec-core (~> 3.13.0)
      rspec-expectations (~> 3.13.0)
      rspec-mocks (~> 3.13.0)
    rspec-core (3.13.5)
      rspec-support (~> 3.13.0)
    rspec-expectations (3.13.5)
      diff-lcs (>= 1.2.0, < 2.0)
      rspec-support (~> 3.13.0)
    rspec-mocks (3.13.5)
      diff-lcs (>= 1.2.0, < 2.0)
      rspec-support (~> 3.13.0)
    rspec-support (3.13.6)
    rspec_junit_formatter (0.6.0)
      rspec-core (>= 2, < 4, != 2.12.0)
    rubyzip (3.1.1)
    securerandom (0.4.1)
    simplecov (0.22.0)
      docile (~> 1.1)
      simplecov-html (~> 0.11)
      simplecov_json_formatter (~> 0.1)
    simplecov-html (0.13.2)
    simplecov_json_formatter (0.1.4)
    timecop (0.9.10)
    tzinfo (2.0.6)
      concurrent-ruby (~> 1.0)
    uri (1.0.3)

PLATFORMS
  ruby

DEPENDENCIES
  nokogiri (~> 1.18)
  rake (~> 13.0)
  rspec (~> 3.0)
  rspec_junit_formatter
  simplecov (~> 0.22.0)
  teak_util!
  timecop (~> 0.9.8)

BUNDLED WITH
   2.7.2
